GEM
  remote: https://rubygems.org/
  specs:
    builder (3.0.4)
    cucumber (1.3.8)
      builder (>= 2.1.2)
      diff-lcs (>= 1.1.3)
      gherkin (~> 2.12.1)
      multi_json (>= 1.7.5, < 2.0)
      multi_test (>= 0.0.2)
    diff-lcs (1.2.4)
    gherkin (2.12.2)
      multi_json (~> 1.3)
    multi_json (1.8.2)
    multi_test (0.0.2)
    stdd_api (0.3.0.1)
    stddtool (0.5.1.1)
      stdd_api (~> 0.3.0.1)

PLATFORMS
  ruby

DEPENDENCIES
  cucumber
  stddtool
